GEM
  remote: http://rubygems.org/
  specs:
    BlueCloth (1.0.1)
    actionmailer (2.3.14)
      actionpack (= 2.3.14)
    actionpack (2.3.14)
      activesupport (= 2.3.14)
      rack (~> 1.1.0)
    activerecord (2.3.14)
      activesupport (= 2.3.14)
    activeresource (2.3.14)
      activesupport (= 2.3.14)
    activesupport (2.3.14)
    friendly_id (2.3.2)
      activerecord (>= 2.2)
      activesupport (>= 2.2)
    haml (3.1.2)
    rack (1.1.2)
    rails (2.3.14)
      actionmailer (= 2.3.14)
      actionpack (= 2.3.14)
      activerecord (= 2.3.14)
      activeresource (= 2.3.14)
      activesupport (= 2.3.14)
      rake (>= 0.8.3)
    rake (0.9.2)
    sass (3.1.2)
    sqlite3-ruby (1.2.4)

PLATFORMS
  ruby

DEPENDENCIES
  BlueCloth (= 1.0.1)
  friendly_id (= 2.3.2)
  haml
  rails (= 2.3.14)
  sass
  sqlite3-ruby (= 1.2.4)
